GEM
  remote: https://rubygems.org/
  specs:
    absolute_time (1.0.0)
    ast (2.4.1)
    builder (3.2.4)
    crass (1.0.6)
    fastimage (2.2.0)
    ffi (1.13.1)
    fnv (0.2.0)
    jaro_winkler (1.5.4)
    java_properties (0.0.4)
    journald-logger (3.0.1)
      journald-native (~> 1.0)
    journald-native (1.0.12)
    jwt (2.2.2)
    locale (2.1.3)
    loofah (2.7.0)
      crass (~> 1.0.2)
      nokogiri (>= 1.5.9)
    mini_portile2 (2.4.0)
    nokogiri (1.10.10)
      mini_portile2 (~> 2.4.0)
    open4 (1.3.4)
    parallel (1.19.2)
    parser (2.7.1.4)
      ast (~> 2.4.1)
    rainbow (3.0.0)
    rb-inotify (0.10.1)
      ffi (~> 1.0)
    redis (4.2.1)
    rubocop (0.71.0)
      jaro_winkler (~> 1.5.1)
      parallel (~> 1.10)
      parser (>= 2.6)
      rainbow (>= 2.2.2, < 4.0)
      ruby-progressbar (~> 1.7)
      unicode-display_width (>= 1.4.0, < 1.7)
    ruby-progressbar (1.10.1)
    trollop (2.1.3)
    unicode-display_width (1.6.1)

PLATFORMS
  ruby

DEPENDENCIES
  absolute_time
  builder
  fastimage
  fnv
  java_properties
  journald-logger
  jwt
  locale
  loofah
  nokogiri
  open4
  rb-inotify
  redis
  rubocop (~> 0.71.0)
  trollop (= 2.1.3)

BUNDLED WITH
   2.1.4
